GEM
  remote: http://rubygems.org/
  specs:
    addressable (2.2.0)
    bcat (0.5.2)
      rack (< 1.2)
    bcrypt-ruby (2.1.2)
    data_objects (0.10.2)
      addressable (~> 2.1)
    dm-aggregates (1.0.1)
      dm-core (~> 1.0.1)
    dm-core (1.0.1)
      addressable (~> 2.2)
      extlib (~> 0.9.15)
    dm-migrations (1.0.1)
      dm-core (~> 1.0.1)
    dm-timestamps (1.0.1)
      dm-core (~> 1.0.1)
    dm-types (1.0.1)
      dm-core (~> 1.0.1)
      fastercsv (~> 1.5.3)
      json_pure (~> 1.4)
      stringex (~> 1.1.0)
      uuidtools (~> 2.1.1)
    dm-validations (1.0.1)
      dm-core (~> 1.0.1)
    extlib (0.9.15)
    fastercsv (1.5.3)
    haml (2.2.17)
    json (1.1.9)
    json_pure (1.4.6)
    pg (0.9.0)
    rack (1.1.0)
    rake (0.8.7)
    sinatra (1.0)
      rack (>= 1.0)
    sinatra-authorization (1.0.0)
      sinatra (>= 0.9.1.1)
    stringex (1.1.0)
    thor (0.9.9)
    uuidtools (2.1.1)

PLATFORMS
  ruby

DEPENDENCIES
  addressable (= 2.2)
  bcat (~> 0.5)
  bcrypt-ruby (= 2.1.2)
  data_objects (= 0.10.2)
  dm-aggregates (= 1.0.1)
  dm-core (= 1.0.1)
  dm-migrations (= 1.0.1)
  dm-timestamps (= 1.0.1)
  dm-types (= 1.0.1)
  dm-validations (= 1.0.1)
  extlib (= 0.9.15)
  haml (= 2.2.17)
  json (= 1.1.9)
  pg
  rack (= 1.1.0)
  rake
  sinatra (= 1.0.0)
  sinatra-authorization (= 1.0.0)
  thor (= 0.9.9)
  uuidtools (= 2.1.1)
